PATH
  remote: .
  specs:
    baldr (0.3.14)
      activesupport (~> 3.0.0)
      i18n

GEM
  remote: https://rubygems.org/
  specs:
    activesupport (3.0.20)
    diff-lcs (1.1.3)
    i18n (0.6.9)
    rake (10.0.3)
    rspec (2.12.0)
      rspec-core (~> 2.12.0)
      rspec-expectations (~> 2.12.0)
      rspec-mocks (~> 2.12.0)
    rspec-core (2.12.2)
    rspec-expectations (2.12.1)
      diff-lcs (~> 1.1.3)
    rspec-mocks (2.12.2)

PLATFORMS
  ruby

DEPENDENCIES
  baldr!
  rake
  rspec
